GIT
  remote: git://github.com/nilenso/planet.rb.git
  revision: 9d66ba7bb81e0bdd1d312d8c6c6cd3c63990311e
  specs:
    planet (0.4.0)
      box
      feedzirra
      gli
      mustache

GEM
  remote: https://rubygems.org/
  specs:
    PageRankr (3.2.1)
      json (>= 1.4.6)
      jsonpath (>= 0.4.2)
      nokogiri (>= 1.4.1)
      public_suffix (>= 0.9.0)
      typhoeus (>= 0.2.1)
    RedCloth (4.2.9)
    activesupport (3.1.12)
      multi_json (~> 1.0)
    box (0.1.1)
    builder (3.2.2)
    capistrano (2.15.5)
      highline
      net-scp (>= 1.0.0)
      net-sftp (>= 2.0.0)
      net-ssh (>= 2.0.14)
      net-ssh-gateway (>= 1.1.0)
    chunky_png (1.2.5)
    classifier (1.3.3)
      fast-stemmer (>= 1.0.0)
    compass (0.12.2)
      chunky_png (~> 1.2)
      fssm (>= 0.2.7)
      sass (~> 3.1)
    curb (0.7.18)
    directory_watcher (1.4.1)
    ethon (0.6.0)
      ffi (>= 1.3.0)
      mime-types (~> 1.18)
    fast-stemmer (1.0.1)
    feedzirra (0.1.3)
      activesupport (~> 3.1.1)
      builder (>= 2.1.2)
      curb (~> 0.7.15)
      i18n (>= 0.5.0)
      loofah (~> 1.2.0)
      nokogiri (>= 1.4.4)
      rake (>= 0.8.7)
      rdoc (~> 3.8)
      sax-machine (~> 0.1.0)
    ffi (1.9.0)
    fssm (0.2.9)
    gli (2.8.0)
    haml (3.1.7)
    highline (1.6.14)
    i18n (0.6.5)
    jekyll (0.12.0)
      classifier (~> 1.3)
      directory_watcher (~> 1.1)
      kramdown (~> 0.13.4)
      liquid (~> 2.3)
      maruku (~> 0.5)
      pygments.rb (~> 0.3.2)
    json (1.7.7)
    jsonpath (0.5.3)
      multi_json
    kramdown (0.13.8)
    liquid (2.3.0)
    loofah (1.2.1)
      nokogiri (>= 1.4.4)
    maruku (0.6.1)
      syntax (>= 1.0.0)
    mime-types (1.24)
    multi_json (1.6.0)
    mustache (0.99.4)
    net-scp (1.0.4)
      net-ssh (>= 1.99.1)
    net-sftp (2.1.2)
      net-ssh (>= 2.6.5)
    net-ssh (2.6.8)
    net-ssh-gateway (1.2.0)
      net-ssh (>= 2.6.5)
    nokogiri (1.5.5)
    octopress-popular-posts (0.1.0)
      PageRankr (~> 3.2.1)
    posix-spawn (0.3.6)
    public_suffix (1.3.1)
    pygments.rb (0.3.4)
      posix-spawn (~> 0.3.6)
      yajl-ruby (~> 1.1.0)
    rack (1.5.2)
    rack-protection (1.5.0)
      rack
    rake (0.9.2.2)
    rb-fsevent (0.9.1)
    rdiscount (2.0.7.3)
    rdoc (3.12.2)
      json (~> 1.4)
    rubypants (0.2.0)
    sass (3.2.9)
    sass-globbing (1.0.0)
      sass (>= 3.1)
    sax-machine (0.1.0)
      nokogiri (> 0.0.0)
    sinatra (1.4.2)
      rack (~> 1.5, >= 1.5.2)
      rack-protection (~> 1.4)
      tilt (~> 1.3, >= 1.3.4)
    stringex (1.4.0)
    syntax (1.0.0)
    tilt (1.3.7)
    typhoeus (0.6.4)
      ethon (~> 0.6.0)
    yajl-ruby (1.1.0)

PLATFORMS
  ruby

DEPENDENCIES
  RedCloth (~> 4.2.9)
  capistrano
  compass (~> 0.12.2)
  haml (~> 3.1.7)
  jekyll (~> 0.12)
  liquid (~> 2.3.0)
  octopress-popular-posts
  planet!
  pygments.rb (~> 0.3.4)
  rake (~> 0.9)
  rb-fsevent (~> 0.9)
  rdiscount (~> 2.0.7)
  rubypants (~> 0.2.0)
  sass (~> 3.2)
  sass-globbing (~> 1.0.0)
  sinatra (~> 1.4.2)
  stringex (~> 1.4.0)
